PATH
  remote: .
  specs:
    floyd_warshall (0.1.0)
      adjacency_matrix (~> 0.1.0)
      weighted_graph (~> 0.1.2)

GEM
  remote: https://rubygems.org/
  specs:
    adjacency_matrix (0.1.0)
      weighted_graph (~> 0.1.2)
    diff-lcs (1.4.4)
    rake (12.3.3)
    rspec (3.10.0)
      rspec-core (~> 3.10.0)
      rspec-expectations (~> 3.10.0)
      rspec-mocks (~> 3.10.0)
    rspec-core (3.10.1)
      rspec-support (~> 3.10.0)
    rspec-expectations (3.10.1)
      diff-lcs (>= 1.2.0, < 2.0)
      rspec-support (~> 3.10.0)
    rspec-mocks (3.10.2)
      diff-lcs (>= 1.2.0, < 2.0)
      rspec-support (~> 3.10.0)
    rspec-support (3.10.2)
    weighted_graph (0.1.2)

PLATFORMS
  ruby

DEPENDENCIES
  floyd_warshall!
  rake (~> 12.0)
  rspec (~> 3.0)

BUNDLED WITH
   2.1.4
